GEM
  remote: https://rubygems.org/
  specs:
    dotenv (2.7.4)

PLATFORMS
  ruby

DEPENDENCIES
  dotenv

RUBY VERSION
   ruby 2.5.1p57

BUNDLED WITH
   1.17.3
